GEM
  specs:
    ast (2.4.0)
    astrolabe (1.3.1)
      parser (~> 2.2)
    colorize (0.7.7)
    execjs (2.7.0)
    faraday (0.15.2)
      multipart-post (>= 1.2, < 3)
    haml (4.0.7)
      tilt
    mime-types (2.4.3)
    multi_json (1.13.1)
    multipart-post (2.0.0)
    parser (2.5.1.2)
      ast (~> 2.4.0)
    philter (1.11.0)
      colorize (~> 0.7.3)
      execjs (~> 2.6)
      multi_json (~> 1.6)
      roll_out (~> 1.7)
      rubocop (~> 0.27.1)
      thor (~> 0.19.1)
    powerpack (0.0.9)
    rainbow (2.1.0)
    rake (12.0.0)
    redcarpet (3.2.3)
    roll_out (1.13.1)
      faraday (~> 0.11)
      haml (>= 3.1, < 5.0.0)
      mime-types (~> 2.4.3)
      rake
      redcarpet (~> 3.2.2)
    rubocop (0.27.1)
      astrolabe (~> 1.3)
      parser (>= 2.2.0.pre.7, < 3.0)
      powerpack (~> 0.0.6)
      rainbow (>= 1.99.1, < 3.0)
      ruby-progressbar (~> 1.4)
    ruby-progressbar (1.9.0)
    thor (0.19.4)
    tilt (2.0.8)

PLATFORMS
  ruby

DEPENDENCIES
  philter (~> 1.11.0)

BUNDLED WITH
   1.16.3
